GEM
  remote: https://rubygems.org/
  specs:
    kramdown (2.4.0)
      rexml
    kramdown-parser-gfm (1.1.0)
      kramdown (~> 2.0)
    rexml (3.2.5)

PLATFORMS
  arm64-darwin-22

DEPENDENCIES
  kramdown-parser-gfm

BUNDLED WITH
   2.4.17
